GEM
  remote: https://rubygems.org/
  specs:
    builder (3.2.2)
    mini_portile (0.6.0)
    nokogiri (1.6.2.1)
      mini_portile (= 0.6.0)
    rbvmomi (1.6.0)
      builder
      nokogiri (>= 1.4.1)
      trollop
    trollop (2.0)

PLATFORMS
  ruby

DEPENDENCIES
  rbvmomi (= 1.6.0)
